GIT
  remote: git://github.com/criticaljuncture/sendgrid.git
  revision: 87d532bff3ab83ac5e842177a7b1fdaae39681b0
  branch: master
  specs:
    sendgrid (0.1.5)

GIT
  remote: git@github.com:henrik/resque-honeybadger.git
  revision: 832be87662840d44e73f66c006796da8ed6250e2
  ref: 832be87662840d44e73f66c006796da8ed6250e2
  specs:
    resque-honeybadger (1.0.2)
      honeybadger
      resque (>= 1.8.0)

GIT
  remote: https://github.com/makandra/rails.git
  revision: 133bbcb301a2b51918d3641541f4d0aa2b086af0
  branch: 2-3-lts
  specs:
    actionmailer (2.3.18)
      actionpack (= 2.3.18)
    actionpack (2.3.18)
      activesupport (= 2.3.18)
      rack (~> 1.1.0)
    activerecord (2.3.18)
      activesupport (= 2.3.18)
    activeresource (2.3.18)
      activesupport (= 2.3.18)
    activesupport (2.3.18)
    rails (2.3.18)
      actionmailer (= 2.3.18)
      actionpack (= 2.3.18)
      activerecord (= 2.3.18)
      activeresource (= 2.3.18)
      activesupport (= 2.3.18)
      railslts-version (= 2.3.18.10)
      rake (>= 0.8.3)

GEM
  remote: http://rubygems.org/
  specs:
    CFPropertyList (2.3.1)
    Platform (0.4.0)
    active_hash (0.9.5)
      activesupport (>= 2.2.2)
    after_commit (1.0.10)
      activerecord (>= 1.15.6, < 3.0.0)
    amatch (0.2.11)
      tins (~> 0.3)
    amazon-ec2 (0.9.15)
      xml-simple (>= 1.0.12)
    authlogic (2.1.3)
      activesupport
    aws-s3 (0.6.2)
      builder
      mime-types
      xml-simple
    aws-sdk (1.6.9)
      httparty (~> 0.7)
      json (~> 1.4)
      nokogiri (>= 1.4.4)
      uuidtools (~> 2.1)
    bcrypt-ruby (2.1.2)
    builder (3.1.4)
    capistrano (2.15.4)
      highline
      net-scp (>= 1.0.0)
      net-sftp (>= 2.0.0)
      net-ssh (>= 2.0.14)
      net-ssh-gateway (>= 1.1.0)
    chunky_png (0.9.0)
    ci_reporter (1.6.3)
      builder (>= 2.1.2)
    cmdparse (2.0.5)
    cocaine (0.4.2)
    columnize (0.9.0)
    compass (0.10.1)
      haml (>= 3.0.4)
    compass-960-plugin (0.9.13)
      compass (>= 0.10.0.rc3)
    cucumber (1.2.1)
      builder (>= 2.1.2)
      diff-lcs (>= 1.1.3)
      gherkin (~> 2.11.0)
      json (>= 1.4.6)
    curb (0.9.0)
    diff-lcs (1.1.3)
    diffy (3.0.7)
    ethon (0.8.1)
      ffi (>= 1.3.0)
    excon (0.45.4)
    factory_girl (1.2.4)
    fakeweb (1.3.0)
    faraday (0.9.2)
      multipart-post (>= 1.2, < 3)
    fastercsv (1.4.0)
    ffi (1.6.0)
    ffi-hunspell (0.2.6)
      ffi (~> 1.0)
    fission (0.5.0)
      CFPropertyList (~> 2.2)
    floehopper-mocha (0.9.7.20090701124354)
      rake
    fog (1.33.0)
      fog-atmos
      fog-aws (>= 0.6.0)
      fog-brightbox (~> 0.4)
      fog-core (~> 1.32)
      fog-dynect
      fog-ecloud (= 0.1.1)
      fog-google (>= 0.0.2)
      fog-json
      fog-local
      fog-powerdns (>= 0.1.1)
      fog-profitbricks
      fog-radosgw (>= 0.0.2)
      fog-riakcs
      fog-sakuracloud (>= 0.0.4)
      fog-serverlove
      fog-softlayer
      fog-storm_on_demand
      fog-terremark
      fog-vmfusion
      fog-voxel
      fog-xml (~> 0.1.1)
      ipaddress (~> 0.5)
      nokogiri (~> 1.5, >= 1.5.11)
    fog-atmos (0.1.0)
      fog-core
      fog-xml
    fog-aws (0.7.4)
      fog-core (~> 1.27)
      fog-json (~> 1.0)
      fog-xml (~> 0.1)
      ipaddress (~> 0.8)
    fog-brightbox (0.9.0)
      fog-core (~> 1.22)
      fog-json
      inflecto (~> 0.0.2)
    fog-core (1.32.1)
      builder
      excon (~> 0.45)
      formatador (~> 0.2)
      mime-types
      net-scp (~> 1.1)
      net-ssh (>= 2.1.3)
    fog-dynect (0.0.1)
      fog-core
      fog-json
      fog-xml
    fog-ecloud (0.1.1)
      fog-core
      fog-xml
    fog-google (0.0.7)
      fog-core
      fog-json
      fog-xml
    fog-json (1.0.1)
      fog-core (~> 1.0)
      multi_json (~> 1.0)
    fog-local (0.2.1)
      fog-core (~> 1.27)
    fog-powerdns (0.1.1)
      fog-core (~> 1.27)
      fog-json (~> 1.0)
      fog-xml (~> 0.1)
    fog-profitbricks (0.0.5)
      fog-core
      fog-xml
      nokogiri
    fog-radosgw (0.0.4)
      fog-core (>= 1.21.0)
      fog-json
      fog-xml (>= 0.0.1)
    fog-riakcs (0.1.0)
      fog-core
      fog-json
      fog-xml
    fog-sakuracloud (1.0.1)
      fog-core
      fog-json
    fog-serverlove (0.1.2)
      fog-core
      fog-json
    fog-softlayer (0.4.7)
      fog-core
      fog-json
    fog-storm_on_demand (0.1.1)
      fog-core
      fog-json
    fog-terremark (0.1.0)
      fog-core
      fog-xml
    fog-vmfusion (0.1.0)
      fission
      fog-core
    fog-voxel (0.1.0)
      fog-core
      fog-xml
    fog-xml (0.1.2)
      fog-core
      nokogiri (~> 1.5, >= 1.5.11)
    formatador (0.2.5)
    formtastic (0.9.8)
      actionpack (>= 2.3.0)
      activesupport (>= 2.3.0)
    geokit (1.4.1)
    gherkin (2.11.5)
      json (>= 1.4.6)
    haml (3.0.4)
    highline (1.6.21)
    honeybadger (1.9.4)
      faraday (~> 0.7)
      json
    httmultiparty (0.3.13)
      httparty (>= 0.7.3)
      mimemagic
      multipart-post
    http_headers (0.0.2.3)
    httparty (0.8.1)
      multi_json
      multi_xml
    icalendar (1.1.5)
    indefinite_article (0.2.0)
      activesupport
    inflecto (0.0.2)
    ipaddress (0.8.0)
    jgre-monkeyspecdoc (0.9.5)
    jrails (0.6.0)
    json (1.7.7)
    juicer (1.0.6)
      cmdparse
      nokogiri
      rubyzip
    klarlack (0.0.6)
    lemonade (0.3.2)
      chunky_png (>= 0.7.3)
      compass (>= 0.10.0)
      haml (>= 3.0.0)
    linecache (0.46)
      rbx-require-relative (> 0.0.4)
    mechanize (1.0.0)
      nokogiri (>= 1.2.1)
    mime-types (1.25.1)
    mimemagic (0.2.1)
    modularity (0.6.1)
    multi_json (1.0.3)
    multi_xml (0.4.1)
    multipart-post (2.0.0)
    mysql (2.7)
    net-scp (1.1.0)
      net-ssh (>= 2.6.5)
    net-sftp (2.1.2)
      net-ssh (>= 2.6.5)
    net-ssh (2.9.2)
    net-ssh-gateway (1.2.0)
      net-ssh (>= 2.6.5)
    nokogiri (1.5.11)
    open4 (1.3.4)
    paperclip (2.8.0)
      activerecord (>= 2.3.0)
      activesupport (>= 2.3.2)
      cocaine (>= 0.0.2)
      cocaine (>= 0.0.2)
      cocaine (>= 0.0.2)
      cocaine (>= 0.0.2)
      cocaine (>= 0.0.2)
      cocaine (>= 0.0.2)
      cocaine (>= 0.0.2)
      cocaine (>= 0.0.2)
      cocaine (>= 0.0.2)
      cocaine (>= 0.0.2)
      cocaine (>= 0.0.2)
      cocaine (>= 0.0.2)
      cocaine (>= 0.0.2)
      cocaine (>= 0.0.2)
      cocaine (>= 0.0.2)
      cocaine (>= 0.0.2)
      cocaine (>= 0.0.2)
      mime-types
    pdfkit (0.5.2)
    popen4 (0.1.2)
      Platform (>= 0.4.0)
      open4 (>= 0.4.0)
    rack (1.1.6)
    rack-test (0.5.6)
      rack (>= 1.0)
    rails-test-serving (0.1.4.2)
    railslts-version (2.3.18.10)
    rake (10.3.2)
    rbx-require-relative (0.0.9)
    rdoc (3.12)
      json (~> 1.4)
    recaptcha (0.3.1)
    redis (2.2.2)
    redis-namespace (1.0.3)
      redis (< 3.0.0)
    resque (1.19.0)
      multi_json (~> 1.0)
      redis-namespace (~> 1.0.2)
      sinatra (>= 0.9.2)
      vegas (~> 0.1.2)
    riddle (1.5.4)
    rspec (1.3.0)
    rspec-rails (1.3.2)
      rack (>= 1.0.0)
      rspec (>= 1.3.0)
    ruby-debug (0.10.4)
      columnize (>= 0.1)
      ruby-debug-base (~> 0.10.4.0)
    ruby-debug-base (0.10.4)
      linecache (>= 0.3)
    rubyzip (0.9.1)
    rvm-capistrano (1.5.4)
      capistrano (~> 2.15.4)
    seanhussey-woulda (0.2.2)
      thoughtbot-shoulda (>= 2.0.0)
    searchlogic (2.4.12)
      activerecord (>= 2.0.0)
    sinatra (1.2.7)
      rack (~> 1.1)
      tilt (>= 1.2.2, < 2.0)
    spork (0.7.5)
    stevedore (0.1.0)
    system_timer (1.0)
    thinking-sphinx (1.4.13)
      activerecord (>= 1.15.6, < 3.0.0)
      after_commit (>= 1.0.7)
      riddle (>= 1.5.3)
    thoughtbot-shoulda (2.11.1)
    thunder_punch (0.0.14)
      capistrano (>= 2.5.5)
    tilt (1.3.3)
    timecop (0.3.5)
    tins (0.8.0)
    typhoeus (1.0.1)
      ethon (>= 0.8.0)
    uuidtools (2.1.5)
    validation_reflection (0.3.8)
    vcr (2.5.0)
    vegas (0.1.8)
      rack (>= 1.0.0)
    webrat (0.7.1)
      nokogiri (>= 1.2.0)
      rack (>= 1.0)
      rack-test (>= 0.5.3)
    will_paginate (2.3.14)
    xml-simple (1.0.12)
    ym4r (0.6.1)

PLATFORMS
  ruby

DEPENDENCIES
  active_hash (= 0.9.5)
  amatch (= 0.2.11)
  amazon-ec2
  authlogic (= 2.1.3)
  aws-s3 (= 0.6.2)
  aws-sdk (~> 1.6.9)
  bcrypt-ruby (= 2.1.2)
  capistrano (= 2.15.4)
  ci_reporter (= 1.6.3)
  cocaine
  compass (= 0.10.1)
  compass-960-plugin (= 0.9.13)
  cucumber
  curb (= 0.9.0)
  diffy
  factory_girl (= 1.2.4)
  fakeweb
  faraday (~> 0.9.2)
  fastercsv (= 1.4.0)
  ffi-hunspell
  floehopper-mocha
  fog
  formtastic (= 0.9.8)
  geokit (= 1.4.1)
  haml (= 3.0.4)
  honeybadger
  httmultiparty (~> 0.3.13)
  http_headers (= 0.0.2.3)
  httparty (= 0.8.1)
  icalendar
  indefinite_article
  jgre-monkeyspecdoc (= 0.9.5)
  jrails (= 0.6.0)
  json (= 1.7.7)
  juicer (= 1.0.6)
  klarlack (= 0.0.6)
  lemonade (= 0.3.2)
  mechanize (= 1.0.0)
  mime-types (~> 1.25, >= 1.25.1)
  modularity (= 0.6.1)
  mysql (= 2.7)
  net-scp (= 1.1.0)
  net-sftp
  nokogiri (= 1.5.11)
  paperclip (~> 2.8)
  pdfkit (= 0.5.2)
  popen4
  rails!
  rails-test-serving (= 0.1.4.2)
  rdoc
  recaptcha (= 0.3.1)
  resque (= 1.19.0)
  resque-honeybadger!
  rspec (= 1.3.0)
  rspec-rails (= 1.3.2)
  ruby-debug
  rubyzip (= 0.9.1)
  rvm-capistrano (~> 1.5.4)
  seanhussey-woulda
  searchlogic (= 2.4.12)
  sendgrid!
  spork (= 0.7.5)
  stevedore (= 0.1.0)
  system_timer (= 1.0.0)
  thinking-sphinx (= 1.4.13)
  thoughtbot-shoulda
  thunder_punch (= 0.0.14)
  timecop (= 0.3.5)
  typhoeus (~> 1.0, >= 1.0.1)
  validation_reflection (= 0.3.8)
  vcr
  webrat (= 0.7.1)
  will_paginate (= 2.3.14)
  ym4r (= 0.6.1)
