GIT
  remote: git://github.com/criticaljuncture/fr2_audit_logic.git
  revision: d0b037954987cc28dac25dfbf72ae94f28e9c9f7
  ref: d0b037954987cc28dac25dfbf72ae94f28e9c9f7
  specs:
    fr2_audit_logic (0.0.0)
      mongoid

GIT
  remote: git://github.com/criticaljuncture/sendgrid.git
  revision: 87d532bff3ab83ac5e842177a7b1fdaae39681b0
  branch: master
  specs:
    sendgrid (0.1.5)

GIT
  remote: git@github.com:henrik/resque-honeybadger.git
  revision: 832be87662840d44e73f66c006796da8ed6250e2
  ref: 832be87662840d44e73f66c006796da8ed6250e2
  specs:
    resque-honeybadger (1.0.2)
      honeybadger
      resque (>= 1.8.0)

GIT
  remote: https://github.com/makandra/rails.git
  revision: 133bbcb301a2b51918d3641541f4d0aa2b086af0
  branch: 2-3-lts
  specs:
    actionmailer (2.3.18)
      actionpack (= 2.3.18)
    actionpack (2.3.18)
      activesupport (= 2.3.18)
      rack (~> 1.1.0)
    activerecord (2.3.18)
      activesupport (= 2.3.18)
    activeresource (2.3.18)
      activesupport (= 2.3.18)
    activesupport (2.3.18)
    rails (2.3.18)
      actionmailer (= 2.3.18)
      actionpack (= 2.3.18)
      activerecord (= 2.3.18)
      activeresource (= 2.3.18)
      activesupport (= 2.3.18)
      railslts-version (= 2.3.18.10)
      rake (>= 0.8.3)

GEM
  remote: http://rubygems.org/
  remote: http://gems.github.com/
  specs:
    active_hash (0.9.5)
      activesupport (>= 2.2.2)
    after_commit (1.0.10)
      activerecord (>= 1.15.6, < 3.0.0)
    amatch (0.2.11)
      tins (~> 0.3)
    amazon-ec2 (0.9.15)
      xml-simple (>= 1.0.12)
    authlogic (2.1.3)
      activesupport
    aws-s3 (0.6.2)
      builder
      mime-types
      xml-simple
    bcrypt-ruby (2.1.2)
    bson (1.2.4)
    bson_ext (1.3.0)
    builder (3.1.4)
    capistrano (2.5.19)
      highline
      net-scp (>= 1.0.0)
      net-sftp (>= 2.0.0)
      net-ssh (>= 2.0.14)
      net-ssh-gateway (>= 1.0.0)
    chunky_png (0.9.0)
    ci_reporter (1.6.3)
      builder (>= 2.1.2)
    cmdparse (2.0.5)
    compass (0.10.1)
      haml (>= 3.0.4)
    compass-960-plugin (0.9.13)
      compass (>= 0.10.0.rc3)
    cucumber (1.2.1)
      builder (>= 2.1.2)
      diff-lcs (>= 1.1.3)
      gherkin (~> 2.11.0)
      json (>= 1.4.6)
    curb (0.4.4.0)
    diff-lcs (1.1.3)
    durran-validatable (2.0.1)
    factory_girl (1.2.4)
    fakeweb (1.3.0)
    faraday (0.8.8)
      multipart-post (~> 1.2.0)
    fastercsv (1.4.0)
    ffi (1.6.0)
    ffi-hunspell (0.2.6)
      ffi (~> 1.0)
    flickraw (0.8.1)
      json (>= 1.1.1)
    floehopper-mocha (0.9.7.20090701124354)
      rake
    formtastic (0.9.8)
      actionpack (>= 2.3.0)
      activesupport (>= 2.3.0)
    geokit (1.4.1)
    gherkin (2.11.5)
      json (>= 1.4.6)
    haml (3.0.4)
    highline (1.6.1)
    honeybadger (1.9.4)
      faraday (~> 0.7)
      json
    httmultiparty (0.3.13)
      httparty (>= 0.7.3)
      mimemagic
      multipart-post
    http_headers (0.0.2.3)
    httparty (0.8.1)
      multi_json
      multi_xml
    icalendar (1.1.5)
    indefinite_article (0.2.0)
      activesupport
    jgre-monkeyspecdoc (0.9.5)
    jrails (0.6.0)
    json (1.7.7)
    juicer (1.0.6)
      cmdparse
      nokogiri
      rubyzip
    klarlack (0.0.6)
    lemonade (0.3.2)
      chunky_png (>= 0.7.3)
      compass (>= 0.10.0)
      haml (>= 3.0.0)
    mechanize (1.0.0)
      nokogiri (>= 1.2.1)
    mime-types (1.16)
    mimemagic (0.2.1)
    modularity (0.6.1)
    mongo (1.2.4)
      bson (>= 1.2.4)
    mongoid (1.9.5)
      activesupport (< 3.0.0)
      bson (~> 1.2.1)
      durran-validatable (>= 2.0.1)
      mongo (~> 1.2.1)
      will_paginate (< 2.9)
    multi_json (1.0.3)
    multi_xml (0.4.1)
    multipart-post (1.2.0)
    mysql (2.7)
    net-scp (1.0.4)
      net-ssh (>= 1.99.1)
    net-sftp (2.0.5)
      net-ssh (>= 2.0.9)
    net-ssh (2.0.23)
    net-ssh-gateway (1.0.1)
      net-ssh (>= 1.99.1)
    nokogiri (1.3.2)
    paperclip (2.3.1.1)
    pdfkit (0.5.2)
    rack (1.1.6)
    rack-test (0.5.6)
      rack (>= 1.0)
    rails-test-serving (0.1.4.2)
    railslts-version (2.3.18.10)
    rake (10.3.2)
    rdoc (3.12)
      json (~> 1.4)
    recaptcha (0.3.1)
    redis (2.2.2)
    redis-namespace (1.0.3)
      redis (< 3.0.0)
    resque (1.19.0)
      multi_json (~> 1.0)
      redis-namespace (~> 1.0.2)
      sinatra (>= 0.9.2)
      vegas (~> 0.1.2)
    riddle (1.5.4)
    rspec (1.3.0)
    rspec-rails (1.3.2)
      rack (>= 1.0.0)
      rspec (>= 1.3.0)
    rubyzip (0.9.1)
    seanhussey-woulda (0.2.2)
      thoughtbot-shoulda (>= 2.0.0)
    searchlogic (2.4.12)
      activerecord (>= 2.0.0)
    sinatra (1.2.7)
      rack (~> 1.1)
      tilt (>= 1.2.2, < 2.0)
    spork (0.7.5)
    stevedore (0.1.0)
    system_timer (1.0)
    thinking-sphinx (1.4.13)
      activerecord (>= 1.15.6, < 3.0.0)
      after_commit (>= 1.0.7)
      riddle (>= 1.5.3)
    thoughtbot-shoulda (2.11.1)
    thunder_punch (0.0.14)
      capistrano (>= 2.5.5)
    tilt (1.3.3)
    timecop (0.3.5)
    tins (0.8.0)
    validation_reflection (0.3.8)
    vcr (2.5.0)
    vegas (0.1.8)
      rack (>= 1.0.0)
    webrat (0.7.1)
      nokogiri (>= 1.2.0)
      rack (>= 1.0)
      rack-test (>= 0.5.3)
    will_paginate (2.3.14)
    xml-simple (1.0.12)
    ym4r (0.6.1)

PLATFORMS
  ruby

DEPENDENCIES
  active_hash (= 0.9.5)
  amatch (= 0.2.11)
  amazon-ec2
  authlogic (= 2.1.3)
  aws-s3 (= 0.6.2)
  bcrypt-ruby (= 2.1.2)
  bson_ext (= 1.3.0)
  capistrano (= 2.5.19)
  ci_reporter (= 1.6.3)
  compass (= 0.10.1)
  compass-960-plugin (= 0.9.13)
  cucumber
  curb (= 0.4.4.0)
  factory_girl (= 1.2.4)
  fakeweb
  fastercsv (= 1.4.0)
  ffi-hunspell
  flickraw (= 0.8.1)
  floehopper-mocha
  formtastic (= 0.9.8)
  fr2_audit_logic!
  geokit (= 1.4.1)
  haml (= 3.0.4)
  honeybadger
  httmultiparty (~> 0.3.13)
  http_headers (= 0.0.2.3)
  httparty (= 0.8.1)
  icalendar
  indefinite_article
  jgre-monkeyspecdoc (= 0.9.5)
  jrails (= 0.6.0)
  json (= 1.7.7)
  juicer (= 1.0.6)
  klarlack (= 0.0.6)
  lemonade (= 0.3.2)
  mechanize (= 1.0.0)
  modularity (= 0.6.1)
  mysql (= 2.7)
  net-scp (= 1.0.4)
  nokogiri (= 1.3.2)
  paperclip (= 2.3.1.1)
  pdfkit (= 0.5.2)
  rails!
  rails-test-serving (= 0.1.4.2)
  rdoc
  recaptcha (= 0.3.1)
  resque (= 1.19.0)
  resque-honeybadger!
  rspec (= 1.3.0)
  rspec-rails (= 1.3.2)
  rubyzip (= 0.9.1)
  seanhussey-woulda
  searchlogic (= 2.4.12)
  sendgrid!
  spork (= 0.7.5)
  stevedore (= 0.1.0)
  system_timer (= 1.0.0)
  thinking-sphinx (= 1.4.13)
  thoughtbot-shoulda
  thunder_punch (= 0.0.14)
  timecop (= 0.3.5)
  validation_reflection (= 0.3.8)
  vcr
  webrat (= 0.7.1)
  will_paginate (= 2.3.14)
  ym4r (= 0.6.1)
